GEM
  remote: https://rubygems.org/
  specs:
    diff-lcs (1.2.5)
    flog (4.2.0)
      ruby_parser (~> 3.1, > 3.1.0)
      sexp_processor (~> 4.4)
    rspec (2.14.1)
      rspec-core (~> 2.14.0)
      rspec-expectations (~> 2.14.0)
      rspec-mocks (~> 2.14.0)
    rspec-core (2.14.7)
    rspec-expectations (2.14.4)
      diff-lcs (>= 1.1.3, < 2.0)
    rspec-mocks (2.14.4)
    ruby_parser (3.4.1)
      sexp_processor (~> 4.1)
    sexp_processor (4.4.1)

PLATFORMS
  ruby

DEPENDENCIES
  flog
  rspec
